GEM
  remote: https://rubygems.org/
  specs:
    activesupport (5.2.3)
      concurrent-ruby (~> 1.0, >= 1.0.2)
      i18n (>= 0.7, < 2)
      minitest (~> 5.1)
      tzinfo (~> 1.1)
    concurrent-ruby (1.1.5)
    connection_pool (2.2.2)
    crass (1.0.4)
    daemons (1.3.1)
    domain_name (0.5.20190701)
      unf (>= 0.0.5, < 1.0.0)
    duck-duck-go (1.1.3)
      httpclient
      json
    faraday (0.15.4)
      multipart-post (>= 1.2, < 3)
    flippy (0.1.3)
      optimist
      ruby-termios
    genregen (0.0.8)
    goodreads (0.7.0)
      activesupport (>= 3.0)
      hashie (~> 2.0)
      i18n (>= 0.6, < 2)
      oauth (~> 0.4)
      rest-client (~> 2.0)
    google-search (1.0.3)
      json
    grinch (1.0.1)
    grinch-identify (1.7.1)
      grinch (>= 1.0.1)
    hashie (2.1.2)
    haste (0.2.3)
      faraday (~> 0.9)
      json
    htmlentities (4.3.4)
    http-cookie (1.0.3)
      domain_name (~> 0.5)
    httparty (0.17.0)
      mime-types (~> 3.0)
      multi_xml (>= 0.5.2)
    httpclient (2.8.3)
    i18n (1.6.0)
      concurrent-ruby (~> 1.0)
    json (2.3.0)
    lastfm (1.27.3)
      httparty
      xml-simple
    leetspeak (0.1.1)
    mechanize (2.7.6)
      domain_name (~> 0.5, >= 0.5.1)
      http-cookie (~> 1.0)
      mime-types (>= 1.17.2)
      net-http-digest_auth (~> 1.1, >= 1.1.1)
      net-http-persistent (>= 2.5.2)
      nokogiri (~> 1.6)
      ntlm-http (~> 0.1, >= 0.1.1)
      webrobots (>= 0.0.9, < 0.2)
    mime-types (3.3)
      mime-types-data (~> 3.2015)
    mime-types-data (3.2019.0904)
    mini_portile2 (2.4.0)
    minitest (5.11.3)
    multi_xml (0.6.0)
    multipart-post (2.0.0)
    myanimelist (1.0.0)
      rest-client (= 2.0.2)
      xml-simple (= 1.1.5)
    net-http-digest_auth (1.4.1)
    net-http-persistent (3.0.1)
      connection_pool (~> 2.2)
    netrc (0.11.0)
    nokogiri (1.10.7)
      mini_portile2 (~> 2.4.0)
    nokogumbo (2.0.1)
      nokogiri (~> 1.8, >= 1.8.4)
    ntlm-http (0.1.1)
    oauth (0.5.4)
    open_uri_redirections (0.2.1)
    optimist (3.0.0)
    research_topicgen (0.1.6)
    rest-client (2.0.2)
      http-cookie (>= 1.0.2, < 2.0)
      mime-types (>= 1.16, < 4.0)
      netrc (~> 0.8)
    ruby-eval-in (0.0.7)
      nokogiri
    ruby-termios (1.0.2)
    ruby-upworthy (1.0.0)
    sanitize (5.1.0)
      crass (~> 1.0.2)
      nokogiri (>= 1.8.0)
      nokogumbo (~> 2.0)
    telegraph (1.0.1)
    thread_safe (0.3.6)
    time_difference (0.7.0)
      activesupport (~> 5.1)
    tzinfo (1.2.5)
      thread_safe (~> 0.1)
    unf (0.1.4)
      unf_ext
    unf_ext (0.0.7.6)
    webrobots (0.1.2)
    wolfram (0.2.1)
      nokogiri (>= 1.4.3)
    xkcd (1.1.1)
      google-search
      nokogiri (>= 1.5.0)
    xml-simple (1.1.5)

PLATFORMS
  ruby

DEPENDENCIES
  daemons
  duck-duck-go
  flippy
  genregen
  goodreads
  grinch (>= 1.0.1)
  grinch-identify
  haste
  htmlentities
  json
  lastfm
  leetspeak
  mechanize
  myanimelist (~> 1.0)
  nokogiri
  open_uri_redirections
  research_topicgen
  ruby-eval-in
  ruby-upworthy
  sanitize (~> 5.1.0)
  telegraph
  time_difference
  wolfram
  xkcd

BUNDLED WITH
   2.0.1
